PATH
  remote: .
  specs:
    docker_rack (0.0.6)
      rake (~> 0)
      thor (~> 0.18, >= 0.18.0)

GEM
  remote: https://rubygems.org/
  specs:
    ast (2.2.0)
    bump (0.5.3)
    diff-lcs (1.2.5)
    docile (1.1.5)
    gem-release (0.7.4)
    json (1.8.3)
    parser (2.3.0.3)
      ast (~> 2.2)
    powerpack (0.1.1)
    rainbow (2.1.0)
    rake (0.9.6)
    rspec (3.4.0)
      rspec-core (~> 3.4.0)
      rspec-expectations (~> 3.4.0)
      rspec-mocks (~> 3.4.0)
    rspec-core (3.4.2)
      rspec-support (~> 3.4.0)
    rspec-expectations (3.4.0)
      diff-lcs (>= 1.2.0, < 2.0)
      rspec-support (~> 3.4.0)
    rspec-mocks (3.4.1)
      diff-lcs (>= 1.2.0, < 2.0)
      rspec-support (~> 3.4.0)
    rspec-support (3.4.1)
    rubocop (0.37.0)
      parser (>= 2.3.0.2, < 3.0)
      powerpack (~> 0.1)
      rainbow (>= 1.99.1, < 3.0)
      ruby-progressbar (~> 1.7)
      unicode-display_width (~> 0.3)
    ruby-progressbar (1.7.5)
    simplecov (0.11.2)
      docile (~> 1.1.0)
      json (~> 1.8)
      simplecov-html (~> 0.10.0)
    simplecov-html (0.10.0)
    simplecov-rcov (0.2.3)
      simplecov (>= 0.4.1)
    thor (0.19.1)
    unicode-display_width (0.3.1)
    yard (0.8.7.6)
    yard-thor (0.0.1)
      thor
      yard

PLATFORMS
  x86-mingw32

DEPENDENCIES
  bump
  bundler (~> 1.3)
  docker_rack!
  gem-release
  json
  rspec (~> 3.0)
  rubocop
  simplecov
  simplecov-rcov
  yard
  yard-thor

BUNDLED WITH
   1.10.6
